GEM
  remote: http://rubygems.org/
  specs:
    iron_core (0.5.1)
      rest (>= 2.2.0)
    iron_mq (3.0.0)
      iron_core (>= 0.4.4)
    mime-types (1.19)
    net-http-persistent (2.8)
    rack (1.5.2)
    rack-protection (1.3.2)
      rack
    rest (2.2.0)
      net-http-persistent
      rest-client (>= 0.3.0)
    rest-client (1.6.7)
      mime-types (>= 1.16)
    sinatra (1.3.4)
      rack (~> 1.4)
      rack-protection (~> 1.3)
      tilt (~> 1.3, >= 1.3.3)
    tilt (1.3.3)

PLATFORMS
  ruby

DEPENDENCIES
  iron_mq
  rack
  sinatra
